GEM
  remote: https://rubygems.org/
  specs:
    colorize (0.8.1)
    figlet (1.1.0)
    pastel (0.8.0)
      tty-color (~> 0.5)
    tty-color (0.6.0)
    tty-cursor (0.7.1)
    tty-pie (0.4.0)
      pastel (~> 0.8)
      tty-cursor (~> 0.7)

PLATFORMS
  ruby

DEPENDENCIES
  colorize (~> 0.8.1)
  figlet (~> 1.1)
  tty-pie (~> 0.4.0)

BUNDLED WITH
   2.1.4
